GEM
  remote: http://rubygems.org/
  specs:
    configuration (1.3.4)
    diff-lcs (1.2.5)
    ebnf (0.3.6)
      haml (~> 4.0)
      rdf (~> 1.1)
      sxp (~> 0.1, >= 0.1.3)
    haml (4.0.5)
      tilt
    mime-types (2.4.3)
    net-http-persistent (2.9.4)
    netrc (0.8.0)
    rake (10.4.0)
    rdf (1.1.6)
    rdf-turtle (1.1.4)
      ebnf (~> 0.3, >= 0.3.6)
      rdf (~> 1.1, >= 1.1.4)
    rest-client (1.7.2)
      mime-types (>= 1.16, < 3.0)
      netrc (~> 0.7)
    rspec (3.1.0)
      rspec-core (~> 3.1.0)
      rspec-expectations (~> 3.1.0)
      rspec-mocks (~> 3.1.0)
    rspec-core (3.1.7)
      rspec-support (~> 3.1.0)
    rspec-expectations (3.1.2)
      diff-lcs (>= 1.2.0, < 2.0)
      rspec-support (~> 3.1.0)
    rspec-mocks (3.1.3)
      rspec-support (~> 3.1.0)
    rspec-support (3.1.2)
    sparql-client (1.1.3.1)
      net-http-persistent (~> 2.9)
      rdf (~> 1.1)
    sxp (0.1.5)
    terminal-table (1.4.5)
    tilt (2.0.1)

PLATFORMS
  ruby

DEPENDENCIES
  configuration
  rake
  rdf
  rdf-turtle
  rest-client
  rspec
  sparql-client
  terminal-table
